PATH
  remote: ../../
  specs:
    way (1.0.0)

GEM
  remote: http://rubygems.org/
  specs:
    actionmailer (2.3.10)
      actionpack (= 2.3.10)
    actionpack (2.3.10)
      activesupport (= 2.3.10)
      rack (~> 1.1.0)
    activerecord (2.3.10)
      activesupport (= 2.3.10)
    activeresource (2.3.10)
      activesupport (= 2.3.10)
    activesupport (2.3.10)
    hoe (3.0.3)
      rake (~> 0.8)
    rack (1.1.3)
    rails (2.3.10)
      actionmailer (= 2.3.10)
      actionpack (= 2.3.10)
      activerecord (= 2.3.10)
      activeresource (= 2.3.10)
      activesupport (= 2.3.10)
      rake (>= 0.8.3)
    rake (0.9.2.2)
    rspec (1.3.2)
    rspec-rails (1.3.4)
      rack (>= 1.0.0)
      rspec (~> 1.3.1)
    test-unit (1.2.3)
      hoe (>= 1.5.1)

PLATFORMS
  ruby

DEPENDENCIES
  rails (= 2.3.10)
  rspec (< 2)
  rspec-rails (< 2)
  test-unit (= 1.2.3)
  way!
